GEM
  remote: https://rubygems.org/
  specs:
    httpclient (2.8.0)
    rainbow (2.1.0)
    string-utility (3.0.0)

PLATFORMS
  ruby

DEPENDENCIES
  httpclient (~> 2.8)
  rainbow (~> 2.1)
  string-utility (~> 3.0)

RUBY VERSION
   ruby 2.4.1p111

BUNDLED WITH
   1.14.6
