GEM
  remote: https://rubygems.org/
  specs:
    httpclient (2.6.0.1)

PLATFORMS
  ruby

DEPENDENCIES
  httpclient (= 2.6.0.1)

BUNDLED WITH
   1.10.6
